GEM
  remote: https://rubygems.org/
  specs:
    require_all (1.4.0)
    sqlite3 (1.3.13)

PLATFORMS
  ruby

DEPENDENCIES
  require_all
  sqlite3

BUNDLED WITH
   1.15.1
